GEM
  remote: https://rubygems.org/
  specs:
    aws-sdk (2.1.21)
      aws-sdk-resources (= 2.1.21)
    aws-sdk-core (2.1.21)
      jmespath (~> 1.0)
    aws-sdk-resources (2.1.21)
      aws-sdk-core (= 2.1.21)
    cloudformation-ruby-dsl (1.0.4)
      aws-sdk
      bundler
      detabulator
      diffy
      highline
      json
    coderay (1.1.0)
    detabulator (0.1.0)
    diff-lcs (1.2.5)
    diffy (3.0.7)
    highline (1.7.5)
    jmespath (1.0.2)
      multi_json (~> 1.0)
    json (1.8.3)
    method_source (0.8.2)
    multi_json (1.11.2)
    open4 (1.3.4)
    pry (0.10.1)
      coderay (~> 1.1.0)
      method_source (~> 0.8.1)
      slop (~> 3.4)
    rake (10.4.2)
    rspec (3.3.0)
      rspec-core (~> 3.3.0)
      rspec-expectations (~> 3.3.0)
      rspec-mocks (~> 3.3.0)
    rspec-core (3.3.2)
      rspec-support (~> 3.3.0)
    rspec-expectations (3.3.1)
      diff-lcs (>= 1.2.0, < 2.0)
      rspec-support (~> 3.3.0)
    rspec-mocks (3.3.2)
      diff-lcs (>= 1.2.0, < 2.0)
      rspec-support (~> 3.3.0)
    rspec-support (3.3.0)
    slop (3.6.0)

PLATFORMS
  ruby

DEPENDENCIES
  aws-sdk
  cloudformation-ruby-dsl
  open4
  pry
  rake
  rspec

BUNDLED WITH
   1.10.5
