GEM
  remote: https://rubygems.org/
  specs:
    aruba (0.9.0)
      childprocess (~> 0.5.6)
      contracts (~> 0.9)
      cucumber (>= 1.3.19)
      ffi (~> 1.9.10)
      rspec-expectations (>= 2.99)
      thor (~> 0.19)
    aws-sdk (2.1.21)
      aws-sdk-resources (= 2.1.21)
    aws-sdk-core (2.1.21)
      jmespath (~> 1.0)
    aws-sdk-resources (2.1.21)
      aws-sdk-core (= 2.1.21)
    builder (3.2.2)
    childprocess (0.5.6)
      ffi (~> 1.0, >= 1.0.11)
    cloudformation-ruby-dsl (1.0.4)
      aws-sdk
      bundler
      detabulator
      diffy
      highline
      json
    coderay (1.1.0)
    colorize (0.7.7)
    contracts (0.11.0)
    cucumber (2.1.0)
      builder (>= 2.1.2)
      cucumber-core (~> 1.3.0)
      diff-lcs (>= 1.1.3)
      gherkin3 (~> 3.1.0)
      multi_json (>= 1.7.5, < 2.0)
      multi_test (>= 0.1.2)
    cucumber-core (1.3.0)
      gherkin3 (~> 3.1.0)
    detabulator (0.1.0)
    diff-lcs (1.2.5)
    diffy (3.0.7)
    ffi (1.9.10)
    gherkin3 (3.1.1)
    highline (1.7.5)
    jmespath (1.0.2)
      multi_json (~> 1.0)
    json (1.8.3)
    method_source (0.8.2)
    multi_json (1.11.2)
    multi_test (0.1.2)
    open4 (1.3.4)
    pry (0.10.1)
      coderay (~> 1.1.0)
      method_source (~> 0.8.1)
      slop (~> 3.4)
    rake (10.4.2)
    rspec-expectations (3.3.1)
      diff-lcs (>= 1.2.0, < 2.0)
      rspec-support (~> 3.3.0)
    rspec-support (3.3.0)
    slop (3.6.0)
    thor (0.19.1)

PLATFORMS
  ruby

DEPENDENCIES
  aruba
  aws-sdk
  cloudformation-ruby-dsl
  colorize
  cucumber
  open4
  pry
  rake

BUNDLED WITH
   1.10.6
